GEM
  remote: https://rubygems.org/
  specs:
    mime-types (2.3)
    mini_portile (0.6.0)
    nokogiri (1.6.2.1)
      mini_portile (= 0.6.0)
    rest-client (1.6.7)
      mime-types (>= 1.16)

PLATFORMS
  ruby

DEPENDENCIES
  nokogiri
  rest-client
