GEM
  remote: https://rubygems.org/
  specs:
    mime-types (2.4.3)
    mini_portile (0.6.2)
    netrc (0.10.2)
    nokogiri (1.6.6.2)
      mini_portile (~> 0.6.0)
    rest-client (1.7.3)
      mime-types (>= 1.16, < 3.0)
      netrc (~> 0.7)

PLATFORMS
  ruby

DEPENDENCIES
  nokogiri
  rest-client
