GEM
  remote: https://rubygems.org/
  specs:
    mime-types (2.3)
    mini_portile (0.6.0)
    netrc (0.7.7)
    nokogiri (1.6.3.1)
      mini_portile (= 0.6.0)
    rest-client (1.7.2)
      mime-types (>= 1.16, < 3.0)
      netrc (~> 0.7)

PLATFORMS
  ruby

DEPENDENCIES
  nokogiri
  rest-client
